GIT
  remote: git://github.com/andrejj/soundcloud-ruby.git
  revision: 019b14e19cfe1b2a84d9374d189499c7d1e9d3f6
  specs:
    soundcloud (0.2.9)
      hashie
      httmultiparty (>= 0.3)
      httparty (>= 0.7.3)

GEM
  remote: http://rubygems.org/
  specs:
    activesupport (3.2.6)
      i18n (~> 0.6)
      multi_json (~> 1.0)
    addressable (2.2.8)
    async-rack (0.5.1)
      rack (~> 1.1)
    builder (3.0.0)
    daemons (1.1.8)
    em-http-request (0.3.0)
      addressable (>= 2.0.0)
      escape_utils
      eventmachine (>= 0.12.9)
    em-resolv-replace (1.1.3)
    em-synchrony (0.2.0)
      eventmachine (>= 0.12.9)
    escape_utils (0.2.4)
    eventmachine (0.12.10)
    haml (3.1.6)
    hashie (1.2.0)
    httmultiparty (0.3.8)
      httparty (>= 0.7.3)
      multipart-post
    httparty (0.8.3)
      multi_json (~> 1.0)
      multi_xml
    i18n (0.6.0)
    jwt (0.1.5)
      multi_json (>= 1.0)
    multi_json (1.3.6)
    multi_xml (0.5.1)
    multipart-post (1.1.5)
    pusher (0.9.4)
      multi_json (~> 1.0)
      signature (~> 0.1.2)
    rack (1.4.1)
    rack-fiber_pool (0.9.1)
    rack-protection (1.2.0)
      rack
    signature (0.1.3)
    sinatra (1.3.2)
      rack (~> 1.3, >= 1.3.6)
      rack-protection (~> 1.2)
      tilt (~> 1.3, >= 1.3.3)
    sinatra-synchrony (0.1.1)
      async-rack
      em-http-request (= 0.3.0)
      em-resolv-replace
      em-synchrony (= 0.2.0)
      rack-fiber_pool (= 0.9.1)
      sinatra (>= 1.0)
    thin (1.4.1)
      daemons (>= 1.0.9)
      eventmachine (>= 0.12.6)
      rack (>= 1.0.0)
    tilt (1.3.3)
    twilio-rb (2.2.0)
      activesupport (>= 3.0.0)
      builder (>= 2.1.2)
      httparty (>= 0.6.1)
      i18n (~> 0.5)
      jwt (>= 0.1.3)

PLATFORMS
  ruby

DEPENDENCIES
  haml
  pusher
  sinatra
  sinatra-synchrony
  soundcloud!
  thin
  twilio-rb
